GEM
  remote: https://rubygems.org/
  specs:
    lock_jar (0.7.5)
      naether (~> 0.10.1)
      thor (~> 0.18.1)
    naether (0.10.1-java)
    rake (10.3.2)
    rake-compiler (0.9.2)
      rake
    thor (0.18.1)

PLATFORMS
  java

DEPENDENCIES
  lock_jar (~> 0.7.5)
  rake-compiler (~> 0.9.1)
